PATH
  remote: .
  specs:
    seldom (0.0.1)

GEM
  remote: https://rubygems.org/
  specs:
    archive-tar-minitar (0.5.2)
    diff-lcs (1.2.5)
    faker (1.2.0)
      i18n (~> 0.5)
    i18n (0.6.9)
    json (1.8.1)
    mime-types (2.0)
    rake (10.0.4)
    relish (0.7)
      archive-tar-minitar (>= 0.5.2)
      json (>= 1.4.6)
      rest-client (>= 1.6.1)
    rest-client (1.6.7)
      mime-types (>= 1.16)
    rspec (2.14.1)
      rspec-core (~> 2.14.0)
      rspec-expectations (~> 2.14.0)
      rspec-mocks (~> 2.14.0)
    rspec-core (2.14.7)
    rspec-expectations (2.14.4)
      diff-lcs (>= 1.1.3, < 2.0)
    rspec-mocks (2.14.4)

PLATFORMS
  ruby

DEPENDENCIES
  faker (~> 1.2)
  rake
  relish (~> 0.6)
  rspec (~> 2.14)
  seldom!
